PATH
  remote: .
  specs:
    prybegone (0.1.2)

GEM
  remote: https://rubygems.org/
  specs:
    rake (10.5.0)

PLATFORMS
  ruby

DEPENDENCIES
  bundler (~> 1.11)
  prybegone!
  rake (~> 10.0)

BUNDLED WITH
   1.13.2
